GEM
  remote: https://rubygems.org/
  specs:
    image_size (1.4.1)

PLATFORMS
  ruby

DEPENDENCIES
  image_size
